GEM
  remote: http://rubygems.org/
  specs:
    bson (1.7.0)
    bson_ext (1.7.0)
      bson (~> 1.7.0)
    mongo (1.7.0)
      bson (~> 1.7.0)

PLATFORMS
  ruby

DEPENDENCIES
  bson_ext
  mongo
